GEM
  remote: https://rubygems.org/
  specs:
    Ascii85 (1.1.1)
    addressable (2.8.6)
      public_suffix (>= 2.0.2, < 6.0)
    afm (0.2.2)
    asciidoctor (2.0.17)
    asciidoctor-pdf (2.3.5)
      asciidoctor (~> 2.0)
      concurrent-ruby (~> 1.1)
      matrix (~> 0.4)
      prawn (~> 2.4.0)
      prawn-icon (~> 3.0.0)
      prawn-svg (~> 0.32.0)
      prawn-table (~> 0.2.0)
      prawn-templates (~> 0.1.0)
      treetop (~> 1.6.0)
    bigdecimal (3.1.8)
    concurrent-ruby (1.2.3)
    css_parser (1.17.1)
      addressable
    hashery (2.1.2)
    matrix (0.4.2)
    pdf-core (0.9.0)
    pdf-reader (2.12.0)
      Ascii85 (~> 1.0)
      afm (~> 0.2.1)
      hashery (~> 2.0)
      ruby-rc4
      ttfunk
    polyglot (0.3.5)
    prawn (2.4.0)
      pdf-core (~> 0.9.0)
      ttfunk (~> 1.7)
    prawn-icon (3.0.0)
      prawn (>= 1.1.0, < 3.0.0)
    prawn-svg (0.32.0)
      css_parser (~> 1.6)
      prawn (>= 0.11.1, < 3)
      rexml (~> 3.2)
    prawn-table (0.2.2)
      prawn (>= 1.3.0, < 3.0.0)
    prawn-templates (0.1.2)
      pdf-reader (~> 2.0)
      prawn (~> 2.2)
    public_suffix (5.0.5)
    rexml (3.2.8)
      strscan (>= 3.0.9)
    rouge (3.30.0)
    ruby-rc4 (0.1.5)
    strscan (3.1.0)
    treetop (1.6.12)
      polyglot (~> 0.3)
    ttfunk (1.8.0)
      bigdecimal (~> 3.1)

PLATFORMS
  ruby

DEPENDENCIES
  asciidoctor
  asciidoctor-pdf (= 2.3.5)
  rouge (= 3.30.0)

BUNDLED WITH
   1.17.2
